PATH
  remote: .
  specs:
    tomosia_wallhere_crawl (0.1.1)
      nokogiri
      thor
      writeexcel

GEM
  remote: https://rubygems.org/
  specs:
    diff-lcs (1.4.4)
    mini_portile2 (2.4.0)
    nokogiri (1.10.10)
      mini_portile2 (~> 2.4.0)
    rake (12.3.3)
    rspec (3.9.0)
      rspec-core (~> 3.9.0)
      rspec-expectations (~> 3.9.0)
      rspec-mocks (~> 3.9.0)
    rspec-core (3.9.2)
      rspec-support (~> 3.9.3)
    rspec-expectations (3.9.2)
      diff-lcs (>= 1.2.0, < 2.0)
      rspec-support (~> 3.9.0)
    rspec-mocks (3.9.1)
      diff-lcs (>= 1.2.0, < 2.0)
      rspec-support (~> 3.9.0)
    rspec-support (3.9.3)
    thor (1.0.1)
    writeexcel (1.0.5)

PLATFORMS
  ruby

DEPENDENCIES
  bundler
  nokogiri (~> 1.10, >= 1.10.10)
  rake (~> 12.0)
  rspec (~> 3.0)
  tomosia_wallhere_crawl!
  writeexcel (~> 1.0, >= 1.0.5)

BUNDLED WITH
   2.1.4
